PATH
  remote: .
  specs:
    district (0.1.0)
      gemnasium-parser

GEM
  remote: https://rubygems.org/
  specs:
    diff-lcs (1.2.4)
    gemnasium-parser (0.1.9)
    rspec (2.14.1)
      rspec-core (~> 2.14.0)
      rspec-expectations (~> 2.14.0)
      rspec-mocks (~> 2.14.0)
    rspec-core (2.14.3)
    rspec-expectations (2.14.0)
      diff-lcs (>= 1.1.3, < 2.0)
    rspec-mocks (2.14.1)

PLATFORMS
  x86-mingw32

DEPENDENCIES
  district!
  rspec
